GEM
  remote: https://rubygems.org/
  specs:
    concurrent-ruby (1.2.2)
    jekyll (4.3.2)
      concurrent-ruby (~> 1.0)
      jekyll-feed (~> 0.17)
      kramdown (~> 2.3)
      kramdown-parser-gfm (~> 1.1)
      liquid (~> 4.0)
      mercenary (~> 0.4)
      pathutil (~> 0.16)
      rouge (~> 4.0)
      safe_yaml (~> 1.0)
    jekyll-feed (0.17.0)
    kramdown (2.3.1)
      rexml (>= 0)
    kramdown-parser-gfm (1.1.0)
    liquid (4.0.4)
    mercenary (0.4.0)
    pathutil (0.16.2)
    rexml (3.2.6)
    rouge (4.1.1)
    safe_yaml (1.0.5)

PLATFORMS
  x86_64-linux

DEPENDENCIES
  jekyll (~> 4.3.2)
  pathutil (~> 0.16.2)
  rouge (~> 4.1)
  liquid (~> 4.0)
  safe_yaml (~> 1.0)
  kramdown (~> 2.3)
  kramdown-parser-gfm (~> 1.1)
  jekyll-feed (~> 0.17)
  rexml (>= 0)

BUNDLED WITH
   2.4.22
