GEM
  remote: https://rubygems.org/
  specs:
    jekyll (4.3.2)

PLATFORMS
  x86_64-linux

DEPENDENCIES
  jekyll (~> 4.3.2)

BUNDLED WITH
   2.4.22
