GEM
  remote: https://rubygems.org/
  specs:
    jekyll (4.3.2)
      addressable (~> 2.4)
      colorator (~> 1.0)
      concurrent-ruby (~> 1.0)
      em-websocket (~> 0.5)
      i18n (~> 1.1)
      jekyll-sass-converter (~> 3.0)
      jekyll-watch (~> 2.2)
      kramdown (~> 2.3)
      kramdown-parser-gfm (~> 1.1)
      liquid (~> 4.0)
      mercenary (~> 0.4)
      pathutil (~> 0.9)
      rouge (~> 4.0)
      safe_yaml (~> 1.0)
    minima (2.5.1)
      jekyll (~> 4.3)

PLATFORMS
  x86_64-linux

DEPENDENCIES
  jekyll (~> 4.3.2)
  minima (~> 2.5)

BUNDLED WITH
   2.4.22
